GEM
  remote: https://rubygems.org/
  specs:
    rake (13.0.6)
    rouge (4.0.1)

PLATFORMS
  x86_64-linux

DEPENDENCIES
  rake (~> 13.0)
  rouge

BUNDLED WITH
   2.4.5
